ObjectType = Image
NDims = 3
BinaryData = True
BinaryDataByteOrderMSB = False
CompressedData = True
CompressedDataSize = 19928
TransformMatrix = 1 0 0 0 1 0 0 0 1
Offset = -139.061 23.9703 -12.1422
CenterOfRotation = 0 0 0
ElementSpacing = 0.5 0.5 0.5
DimSize = 315 178 44
AnatomicalOrientation = ???
ElementType = MET_UCHAR
ElementDataFile = SphereVolume.zraw
